GIT
  remote: git://github.com/globalize/globalize.git
  revision: 89755a4b8962aa439e1517bfb681df8ff3313df1
  specs:
    globalize (5.1.0.beta1)
      activemodel (>= 4.2, < 5.2)
      activerecord (>= 4.2, < 5.2)
      request_store (~> 1.0)

GEM
  remote: https://rubygems.org/
  specs:
    actioncable (5.1.1)
      actionpack (= 5.1.1)
      nio4r (~> 2.0)
      websocket-driver (~> 0.6.1)
    actionmailer (5.1.1)
      actionpack (= 5.1.1)
      actionview (= 5.1.1)
      activejob (= 5.1.1)
      mail (~> 2.5, >= 2.5.4)
      rails-dom-testing (~> 2.0)
    actionpack (5.1.1)
      actionview (= 5.1.1)
      activesupport (= 5.1.1)
      rack (~> 2.0)
      rack-test (~> 0.6.3)
      rails-dom-testing (~> 2.0)
      rails-html-sanitizer (~> 1.0, >= 1.0.2)
    actionview (5.1.1)
      activesupport (= 5.1.1)
      builder (~> 3.1)
      erubi (~> 1.4)
      rails-dom-testing (~> 2.0)
      rails-html-sanitizer (~> 1.0, >= 1.0.3)
    active_model_serializers (0.10.6)
      actionpack (>= 4.1, < 6)
      activemodel (>= 4.1, < 6)
      case_transform (>= 0.2)
      jsonapi-renderer (>= 0.1.1.beta1, < 0.2)
    activejob (5.1.1)
      activesupport (= 5.1.1)
      globalid (>= 0.3.6)
    activemodel (5.1.1)
      activesupport (= 5.1.1)
    activerecord (5.1.1)
      activemodel (= 5.1.1)
      activesupport (= 5.1.1)
      arel (~> 8.0)
    activesupport (5.1.1)
      concurrent-ruby (~> 1.0, >= 1.0.2)
      i18n (~> 0.7)
      minitest (~> 5.1)
      tzinfo (~> 1.1)
    addressable (2.5.1)
      public_suffix (~> 2.0, >= 2.0.2)
    airbrussh (1.3.0)
      sshkit (>= 1.6.1, != 1.7.0)
    arel (8.0.0)
    ast (2.3.0)
    bcrypt (3.1.11)
    brakeman (3.6.2)
    builder (3.2.3)
    cancancan (2.0.0)
    capistrano (3.8.2)
      airbrussh (>= 1.0.0)
      i18n
      rake (>= 10.0.0)
      sshkit (>= 1.9.0)
    capistrano-bundler (1.2.0)
      capistrano (~> 3.1)
      sshkit (~> 1.2)
    capistrano-db-tasks (0.6)
      capistrano (>= 3.0.0)
    capistrano-rails (1.3.0)
      capistrano (~> 3.1)
      capistrano-bundler (~> 1.1)
    capybara (2.14.3)
      addressable
      mime-types (>= 1.16)
      nokogiri (>= 1.3.3)
      rack (>= 1.0.0)
      rack-test (>= 0.5.4)
      xpath (~> 2.0)
    case_transform (0.2)
      activesupport
    childprocess (0.7.0)
      ffi (~> 1.0, >= 1.0.11)
    coderay (1.1.1)
    concurrent-ruby (1.0.5)
    connection_pool (2.2.1)
    crack (0.4.3)
      safe_yaml (~> 1.0.0)
    cucumber (2.4.0)
      builder (>= 2.1.2)
      cucumber-core (~> 1.5.0)
      cucumber-wire (~> 0.0.1)
      diff-lcs (>= 1.1.3)
      gherkin (~> 4.0)
      multi_json (>= 1.7.5, < 2.0)
      multi_test (>= 0.1.2)
    cucumber-core (1.5.0)
      gherkin (~> 4.0)
    cucumber-wire (0.0.1)
    database_cleaner (1.6.1)
    diff-lcs (1.3)
    erubi (1.6.0)
    factory_girl (4.8.0)
      activesupport (>= 3.0.0)
    factory_girl_rails (4.8.0)
      factory_girl (~> 4.8.0)
      railties (>= 3.0.0)
    ffi (1.9.18)
    geocoder (1.4.4)
    gherkin (4.1.3)
    globalid (0.4.0)
      activesupport (>= 4.2.0)
    globalize-accessors (0.2.1)
      globalize (~> 5.0, >= 5.0.0)
    hashdiff (0.3.4)
    highline (1.7.8)
    i18n (0.8.4)
    jsonapi-renderer (0.1.2)
    jwt (1.5.6)
    kaminari (1.0.1)
      activesupport (>= 4.1.0)
      kaminari-actionview (= 1.0.1)
      kaminari-activerecord (= 1.0.1)
      kaminari-core (= 1.0.1)
    kaminari-actionview (1.0.1)
      actionview
      kaminari-core (= 1.0.1)
    kaminari-activerecord (1.0.1)
      activerecord
      kaminari-core (= 1.0.1)
    kaminari-core (1.0.1)
    knock (2.1.1)
      bcrypt (~> 3.1)
      jwt (~> 1.5)
      rails (>= 4.2)
    listen (3.1.5)
      rb-fsevent (~> 0.9, >= 0.9.4)
      rb-inotify (~> 0.9, >= 0.9.7)
      ruby_dep (~> 1.2)
    loofah (2.0.3)
      nokogiri (>= 1.5.9)
    mail (2.6.6)
      mime-types (>= 1.16, < 4)
    method_source (0.8.2)
    mime-types (3.1)
      mime-types-data (~> 3.2015)
    mime-types-data (3.2016.0521)
    mini_portile2 (2.2.0)
    minitest (5.10.2)
    multi_json (1.12.1)
    multi_test (0.1.2)
    net-scp (1.2.1)
      net-ssh (>= 2.6.5)
    net-ssh (4.1.0)
    nio4r (2.1.0)
    nokogiri (1.8.0)
      mini_portile2 (~> 2.2.0)
    paper_trail (7.0.3)
      activerecord (>= 4.0, < 5.2)
      request_store (~> 1.1)
    parallel (1.11.2)
    parser (2.4.0.0)
      ast (~> 2.2)
    pg (0.21.0)
    pg_search (2.0.1)
      activerecord (>= 4.2)
      activesupport (>= 4.2)
      arel (>= 6)
    powerpack (0.1.1)
    pry (0.10.4)
      coderay (~> 1.1.0)
      method_source (~> 0.8.1)
      slop (~> 3.4)
    public_suffix (2.0.5)
    puma (3.9.1)
    rack (2.0.3)
    rack-cors (0.4.1)
    rack-protection (2.0.0)
      rack
    rack-test (0.6.3)
      rack (>= 1.0)
    rails (5.1.1)
      actioncable (= 5.1.1)
      actionmailer (= 5.1.1)
      actionpack (= 5.1.1)
      actionview (= 5.1.1)
      activejob (= 5.1.1)
      activemodel (= 5.1.1)
      activerecord (= 5.1.1)
      activesupport (= 5.1.1)
      bundler (>= 1.3.0, < 2.0)
      railties (= 5.1.1)
      sprockets-rails (>= 2.0.0)
    rails-controller-testing (1.0.2)
      actionpack (~> 5.x, >= 5.0.1)
      actionview (~> 5.x, >= 5.0.1)
      activesupport (~> 5.x)
    rails-dom-testing (2.0.3)
      activesupport (>= 4.2.0)
      nokogiri (>= 1.6)
    rails-html-sanitizer (1.0.3)
      loofah (~> 2.0)
    rails_12factor (0.0.3)
      rails_serve_static_assets
      rails_stdout_logging
    rails_serve_static_assets (0.0.5)
    rails_stdout_logging (0.0.5)
    railties (5.1.1)
      actionpack (= 5.1.1)
      activesupport (= 5.1.1)
      method_source
      rake (>= 0.8.7)
      thor (>= 0.18.1, < 2.0)
    rainbow (2.2.2)
      rake
    rake (12.0.0)
    rb-fsevent (0.9.8)
    rb-inotify (0.9.10)
      ffi (>= 0.5.0, < 2)
    redis (3.3.3)
    request_store (1.3.2)
    rspec-core (3.6.0)
      rspec-support (~> 3.6.0)
    rspec-expectations (3.6.0)
      diff-lcs (>= 1.2.0, < 2.0)
      rspec-support (~> 3.6.0)
    rspec-json_expectations (2.1.0)
    rspec-mocks (3.6.0)
      diff-lcs (>= 1.2.0, < 2.0)
      rspec-support (~> 3.6.0)
    rspec-rails (3.6.0)
      actionpack (>= 3.0)
      activesupport (>= 3.0)
      railties (>= 3.0)
      rspec-core (~> 3.6.0)
      rspec-expectations (~> 3.6.0)
      rspec-mocks (~> 3.6.0)
      rspec-support (~> 3.6.0)
    rspec-support (3.6.0)
    rubocop (0.49.1)
      parallel (~> 1.10)
      parser (>= 2.3.3.1, < 3.0)
      powerpack (~> 0.1)
      rainbow (>= 1.99.1, < 3.0)
      ruby-progressbar (~> 1.7)
      unicode-display_width (~> 1.0, >= 1.0.1)
    ruby-progressbar (1.8.1)
    ruby_dep (1.5.0)
    rubyzip (1.2.1)
    safe_yaml (1.0.4)
    scenic (1.4.0)
      activerecord (>= 4.0.0)
      railties (>= 4.0.0)
    selenium-webdriver (3.4.3)
      childprocess (~> 0.5)
      rubyzip (~> 1.0)
    sidekiq (5.0.3)
      concurrent-ruby (~> 1.0)
      connection_pool (~> 2.2, >= 2.2.0)
      rack-protection (>= 1.5.0)
      redis (~> 3.3, >= 3.3.3)
    slop (3.6.0)
    spring (2.0.2)
      activesupport (>= 4.2)
    spring-watcher-listen (2.0.1)
      listen (>= 2.7, < 4.0)
      spring (>= 1.2, < 3.0)
    sprockets (3.7.1)
      concurrent-ruby (~> 1.0)
      rack (> 1, < 3)
    sprockets-rails (3.2.0)
      actionpack (>= 4.0)
      activesupport (>= 4.0)
      sprockets (>= 3.0.0)
    sshkit (1.13.1)
      net-scp (>= 1.1.2)
      net-ssh (>= 2.8.0)
    thor (0.19.4)
    thread_safe (0.3.6)
    tzinfo (1.2.3)
      thread_safe (~> 0.1)
    unicode-display_width (1.3.0)
    valid_email2 (1.2.17)
      activemodel (>= 3.2)
      mail (~> 2.5)
    vcr (3.0.3)
    webmock (3.0.1)
      addressable (>= 2.3.6)
      crack (>= 0.3.2)
      hashdiff
    websocket-driver (0.6.5)
      websocket-extensions (>= 0.1.0)
    websocket-extensions (0.1.2)
    xpath (2.1.0)
      nokogiri (~> 1.3)

PLATFORMS
  ruby

DEPENDENCIES
  active_model_serializers
  activerecord
  activesupport
  brakeman
  cancancan
  capistrano
  capistrano-db-tasks
  capistrano-rails
  capybara
  childprocess
  cucumber
  database_cleaner
  factory_girl
  factory_girl_rails
  geocoder
  globalize!
  globalize-accessors
  highline
  kaminari
  knock
  listen
  paper_trail
  pg
  pg_search
  pry
  puma
  rack-cors
  rails
  rails-controller-testing
  rails_12factor
  rake
  rspec-expectations
  rspec-json_expectations
  rspec-rails
  rubocop
  scenic
  selenium-webdriver
  sidekiq
  spring
  spring-watcher-listen
  tzinfo-data
  valid_email2
  vcr
  webmock

BUNDLED WITH
   1.15.1
